PATH
  remote: .
  specs:
    rbencode (0.0.1)

GEM
  remote: https://rubygems.org/
  specs:
    bond (0.5.1)
    minitest (5.10.3)
    rake (10.5.0)

PLATFORMS
  ruby

DEPENDENCIES
  bond (~> 0.5.1)
  bundler (~> 1.16)
  minitest (~> 5.0)
  rake (~> 10.0)
  rbencode!

BUNDLED WITH
   1.16.0
